GEM
  remote: https://rubygems.org/
  specs:
    a_series_of_tubes (1.1.2)
      json
      rack
      sqlite3
    json (1.8.3)
    rack (1.6.4)
    sqlite3 (1.3.11)

PLATFORMS
  ruby

DEPENDENCIES
  a_series_of_tubes

BUNDLED WITH
   1.10.6
